PATH
  remote: .
  specs:
    omniauth-jazz (1.0.0)
      omniauth (~> 1.0)
      omniauth-oauth (~> 1.0.0)

GEM
  remote: http://rubygems.org/
  specs:
    addressable (2.2.6)
    faraday (0.7.5)
      addressable (~> 2.2.6)
      multipart-post (~> 1.1.3)
      rack (>= 1.1.0, < 2)
    hashie (1.2.0)
    multi_json (1.0.4)
    multipart-post (1.1.4)
    oauth (0.4.5)
    oauth2 (0.5.2)
      faraday (~> 0.7)
      multi_json (~> 1.0)
    omniauth (1.0.1)
      hashie (~> 1.2)
      rack
    omniauth-oauth (1.0.0)
      oauth
      omniauth (~> 1.0)
    omniauth-oauth2 (1.0.0)
      oauth2 (~> 0.5.0)
      omniauth (~> 1.0)
    rack (1.4.0)
    rack-test (0.6.1)
      rack (>= 1.0)
    rake (0.9.2.2)

PLATFORMS
  ruby

DEPENDENCIES
  omniauth (~> 1.0)
  omniauth-jazz!
  omniauth-oauth2 (~> 1.0.0)
  rack-test (~> 0.5)
  rake (~> 0.8)
